GEM
  remote: http://rubygems.org/
  specs:
    confstruct (0.2.5)

PLATFORMS
  ruby

DEPENDENCIES
  confstruct
