PATH
  remote: .
  specs:
    configurable (0.1.0)
      activesupport
      confstruct

GEM
  remote: http://rubygems.org/
  specs:
    activesupport (3.2.11)
      i18n (~> 0.6)
      multi_json (~> 1.0)
    confstruct (0.2.5)
    i18n (0.6.1)
    multi_json (1.5.0)
    rake (10.0.3)

PLATFORMS
  ruby

DEPENDENCIES
  configurable!
  rake (>= 0.8.7)
