PATH
  remote: .
  specs:
    configurable (0.1.0)
      active_support
      confstruct

GEM
  remote: http://rubygems.org/
  specs:
    active_support (3.0.0)
      activesupport (= 3.0.0)
    activesupport (3.0.0)
    confstruct (0.2.5)
    rake (10.0.3)

PLATFORMS
  ruby

DEPENDENCIES
  configurable!
  rake (>= 0.8.7)
